GEM
  remote: http://rubygems.org/
  specs: 
    sass (3.4.22)

PLATFORMS
  ruby

DEPENDENCIES
  sass